PATH
  remote: .
  specs:
    connoisseur (1.0.0)
      httparty

GEM
  specs:
    activesupport (5.1.2)
      concurrent-ruby (~> 1.0, >= 1.0.2)
      i18n (~> 0.7)
      minitest (~> 5.1)
      tzinfo (~> 1.1)
    addressable (2.5.1)
      public_suffix (~> 2.0, >= 2.0.2)
    concurrent-ruby (1.0.5)
    crack (0.4.3)
      safe_yaml (~> 1.0.0)
    hashdiff (0.3.2)
    httparty (0.15.5)
      multi_xml (>= 0.5.2)
    i18n (0.8.6)
    minitest (5.10.3)
    multi_xml (0.6.0)
    public_suffix (2.0.5)
    rake (12.0.0)
    safe_yaml (1.0.4)
    thread_safe (0.3.6)
    tzinfo (1.2.3)
      thread_safe (~> 0.1)
    webmock (2.3.2)
      addressable (>= 2.3.6)
      crack (>= 0.3.2)
      hashdiff

PLATFORMS
  ruby

DEPENDENCIES
  activesupport (~> 5.1.2)
  connoisseur!
  minitest
  rake
  webmock

BUNDLED WITH
   1.15.0
