PATH
  remote: .
  specs:
    connoisseur (1.7.0)

GEM
  remote: https://rubygems.org/
  specs:
    addressable (2.5.1)
      public_suffix (~> 2.0, >= 2.0.2)
    byebug (9.1.0)
    crack (0.4.3)
      safe_yaml (~> 1.0.0)
    hashdiff (0.3.5)
    minitest (5.11.3)
    public_suffix (2.0.5)
    rake (12.0.0)
    safe_yaml (1.0.4)
    webmock (3.0.1)
      addressable (>= 2.3.6)
      crack (>= 0.3.2)
      hashdiff

PLATFORMS
  ruby

DEPENDENCIES
  byebug (~> 9.1)
  connoisseur!
  minitest (~> 5.11)
  rake (~> 12.0)
  webmock (~> 3.0)

BUNDLED WITH
   1.17.2
